GEM
  remote: http://rubygems.org/
  specs:
    git (1.2.5)
    jeweler (1.8.3)
      bundler (~> 1.0)
      git (>= 1.2.5)
      rake
      rdoc
    json (1.6.5)
    rake (0.9.2.2)
    rdoc (3.12)
      json (~> 1.4)
    rspec (1.3.0)
    ruby-usb (0.2.1)

PLATFORMS
  ruby

DEPENDENCIES
  jeweler
  rspec (= 1.3.0)
  ruby-usb (>= 0.2.1)
